GEM
  remote: https://rubygems.org/
  specs:
    rack (3.0.7)
    roda (3.68.0)
      rack

PLATFORMS
  x86_64-linux

DEPENDENCIES
  roda (~> 3.68)

RUBY VERSION
   ruby 3.0.2p107

BUNDLED WITH
   2.3.5
